PATH
  remote: ../../api
  specs:
    opentelemetry-api (0.15.0)

PATH
  remote: ../../common
  specs:
    opentelemetry-common (0.15.0)
      opentelemetry-api (~> 0.15.0)

PATH
  remote: ../../sdk
  specs:
    opentelemetry-sdk (0.15.0)
      opentelemetry-api (~> 0.15.0)
      opentelemetry-common (~> 0.15.0)

GEM
  remote: https://rubygems.org/
  specs:
    faraday (0.16.2)
      multipart-post (>= 1.2, < 3)
    multipart-post (2.1.1)
    mustermann (1.0.3)
    rack (2.0.8)
    rack-protection (2.0.7)
      rack
    sinatra (2.0.7)
      mustermann (~> 1.0)
      rack (~> 2.0)
      rack-protection (= 2.0.7)
      tilt (~> 2.0)
    tilt (2.0.10)

PLATFORMS
  ruby

DEPENDENCIES
  faraday (~> 0.16.1)
  opentelemetry-api!
  opentelemetry-common!
  opentelemetry-sdk!
  sinatra (~> 2.0)

BUNDLED WITH
   2.2.14
